GEM
  remote: http://rubygems.org/
  specs:
    addressable (2.2.7)
    em-websocket (0.3.6)
      addressable (>= 2.1.1)
      eventmachine (>= 0.12.9)
    eventmachine (0.12.10)
    ffi (1.0.11)
    growl (1.0.3)
    guard (1.0.1)
      ffi (>= 0.5.0)
      thor (~> 0.14.6)
    guard-livereload (0.4.2)
      em-websocket (>= 0.2.0)
      guard (>= 0.10.0)
      multi_json (~> 1.0)
    guard-rspec (0.6.0)
      guard (>= 0.10.0)
    multi_json (1.1.0)
    rack (1.4.1)
    thor (0.14.6)

PLATFORMS
  ruby

DEPENDENCIES
  growl
  guard
  guard-livereload
  guard-rspec
  rack
